GEM
  remote: https://rubygems.org/
  specs:
    byebug (3.1.2)
      columnize (~> 0.8)
      debugger-linecache (~> 1.2)
    columnize (0.8.9)
    debugger-linecache (1.2.0)
    rack (1.5.2)
    sequel (4.12.0)
    sqlite3 (1.3.9)

PLATFORMS
  ruby

DEPENDENCIES
  byebug
  rack
  sequel
  sqlite3
