GEM
  remote: https://rubygems.org/
  specs:
    bcrypt (3.1.7)
    rack (1.5.2)
    sequel (4.12.0)
    sqlite3 (1.3.9)

PLATFORMS
  ruby

DEPENDENCIES
  bcrypt
  rack
  sequel
  sqlite3
